GIT
  remote: git@github.com:sportngin/cloud_ngin.git
  revision: d8da6f67c4154ac9ac172373cf8ebca96ae6fb97
  specs:
    cloud_ngin (0.0.1)
      fog (~> 1.5)

PATH
  remote: .
  specs:
    automation (0.0.8)
      clamp (>= 0.6, < 1.0)
      hashie (~> 1.2)
      highline (~> 1.6)
      octokit (~> 1.23)
      pivotal-tracker (~> 0.5)
      powder (~> 0.2)
      rake

GEM
  remote: https://rubygems.org/
  specs:
    addressable (2.2.8)
    builder (3.2.2)
    clamp (0.6.1)
    crack (0.4.1)
      safe_yaml (~> 0.9.0)
    diff-lcs (1.1.3)
    engineyard (1.4.29)
      engineyard-serverside-adapter (= 1.6.4)
      escape (~> 0.0.4)
      highline (~> 1.6.1)
      json_pure
      launchy (= 2.0.5)
      net-ssh (~> 2.2.1)
      rest-client (~> 1.6.0)
    engineyard-serverside-adapter (1.6.4)
      escape (~> 0.0.4)
      json_pure
    escape (0.0.4)
    excon (0.25.1)
    faraday (0.8.7)
      multipart-post (~> 1.1)
    faraday_middleware (0.9.0)
      faraday (>= 0.7.4, < 0.9)
    fog (1.9.0)
      builder
      excon (~> 0.14)
      formatador (~> 0.2.0)
      mime-types
      multi_json (~> 1.0)
      net-scp (~> 1.0.4)
      net-ssh (>= 2.1.3)
      nokogiri (~> 1.5.0)
      ruby-hmac
    formatador (0.2.4)
    gemfury (0.4.14)
      faraday (>= 0.7.4, < 0.9)
      faraday_middleware (>= 0.7, < 0.10)
      highline (~> 1.6.0)
      multi_json (>= 1.0.2, < 1.7)
      thor (>= 0.14.0, < 1.0)
    guard (1.3.2)
      listen (>= 0.4.2)
      thor (>= 0.14.6)
    guard-rspec (1.2.1)
      guard (>= 1.1)
    happymapper (0.4.0)
      libxml-ruby (~> 2.0)
    hashie (1.2.0)
    highline (1.6.14)
    json_pure (1.7.5)
    launchy (2.0.5)
      addressable (~> 2.2.6)
    libxml-ruby (2.7.0)
    listen (0.5.0)
    mime-types (1.23)
    multi_json (1.6.1)
    multipart-post (1.2.0)
    net-scp (1.0.4)
      net-ssh (>= 1.99.1)
    net-ssh (2.2.2)
    netrc (0.7.7)
    nokogiri (1.5.10)
    nokogiri-happymapper (0.5.7)
      nokogiri (~> 1.5)
    octokit (1.23.0)
      addressable (~> 2.2)
      faraday (~> 0.8)
      faraday_middleware (~> 0.9)
      hashie (~> 1.2)
      multi_json (~> 1.3)
      netrc (~> 0.7.7)
    pivotal-tracker (0.5.10)
      builder
      builder
      crack
      happymapper (>= 0.3.2)
      nokogiri (>= 1.4.3)
      nokogiri (>= 1.5.5)
      nokogiri-happymapper (>= 0.5.4)
      rest-client (~> 1.6.0)
      rest-client (~> 1.6.0)
    powder (0.2.0)
      thor (>= 0.11.5)
    rake (10.1.0)
    rest-client (1.6.7)
      mime-types (>= 1.16)
    rspec (2.11.0)
      rspec-core (~> 2.11.0)
      rspec-expectations (~> 2.11.0)
      rspec-mocks (~> 2.11.0)
    rspec-core (2.11.1)
    rspec-expectations (2.11.2)
      diff-lcs (~> 1.1.3)
    rspec-mocks (2.11.2)
    ruby-hmac (0.4.0)
    safe_yaml (0.9.5)
    thor (0.16.0)

PLATFORMS
  ruby

DEPENDENCIES
  automation!
  cloud_ngin!
  engineyard
  gemfury
  guard
  guard-rspec
  rspec
